GIT
  remote: https://github.com/mirakui/thor.git
  revision: 083e53e34699da594e3840ffb9a67c9aa6caa2c2
  ref: 083e53e34699da594e3840ffb9a67c9aa6caa2c2
  specs:
    thor (0.16.0)

GEM
  remote: http://rubygems.org/
  specs:

PLATFORMS
  ruby

DEPENDENCIES
  thor!
